GIT
  remote: https://github.com/notch8/willow_sword.git
  revision: 0a669d78617c6003e4aa1a46a10447be92be27d5
  specs:
    willow_sword (0.2.0)
      bagit (~> 0.4.1)
      rails (>= 5.1.6)
      rubyzip (>= 1.0.0)

PATH
  remote: .
  specs:
    bulkrax (3.0.0.beta1)
      bagit (~> 0.4)
      coderay
      iso8601 (~> 0.9.0)
      kaminari
      language_list (~> 1.2, >= 1.2.1)
      libxml-ruby (~> 3.1.0)
      loofah (>= 2.2.3)
      oai (>= 0.4, < 2.x)
      rack (>= 2.0.6)
      rails (>= 5.1.6)
      rdf (>= 2.0.2, < 4.0)
      simple_form

GEM
  remote: https://rubygems.org/
  specs:
    actioncable (5.2.6)
      actionpack (= 5.2.6)
      nio4r (~> 2.0)
      websocket-driver (>= 0.6.1)
    actionmailer (5.2.6)
      actionpack (= 5.2.6)
      actionview (= 5.2.6)
      activejob (= 5.2.6)
      mail (~> 2.5, >= 2.5.4)
      rails-dom-testing (~> 2.0)
    actionpack (5.2.6)
      actionview (= 5.2.6)
      activesupport (= 5.2.6)
      rack (~> 2.0, >= 2.0.8)
      rack-test (>= 0.6.3)
      rails-dom-testing (~> 2.0)
      rails-html-sanitizer (~> 1.0, >= 1.0.2)
    actionview (5.2.6)
      activesupport (= 5.2.6)
      builder (~> 3.1)
      erubi (~> 1.4)
      rails-dom-testing (~> 2.0)
      rails-html-sanitizer (~> 1.0, >= 1.0.3)
    active-fedora (13.2.4)
      active-triples (>= 0.11.0, < 2.0.0)
      activemodel (>= 5.1)
      activesupport (>= 5.1)
      deprecation
      faraday (~> 0.12)
      faraday-encoding (>= 0.0.5)
      ldp (>= 0.7.0, < 2)
      rsolr (>= 1.1.2, < 3)
      ruby-progressbar (~> 1.0)
    active-triples (1.1.1)
      activemodel (>= 3.0.0)
      activesupport (>= 3.0.0)
      rdf (>= 2.0.2, < 4.0)
      rdf-vocab (>= 2.0, < 4.0)
    active_encode (0.8.1)
      rails
      sprockets (< 4)
    activejob (5.2.6)
      activesupport (= 5.2.6)
      globalid (>= 0.3.6)
    activemodel (5.2.6)
      activesupport (= 5.2.6)
    activemodel-serializers-xml (1.0.2)
      activemodel (> 5.x)
      activesupport (> 5.x)
      builder (~> 3.1)
    activerecord (5.2.6)
      activemodel (= 5.2.6)
      activesupport (= 5.2.6)
      arel (>= 9.0)
    activerecord-import (1.2.0)
      activerecord (>= 3.2)
    activestorage (5.2.6)
      actionpack (= 5.2.6)
      activerecord (= 5.2.6)
      marcel (~> 1.0.0)
    activesupport (5.2.6)
      concurrent-ruby (~> 1.0, >= 1.0.2)
      i18n (>= 0.7, < 2)
      minitest (~> 5.1)
      tzinfo (~> 1.1)
    addressable (2.8.0)
      public_suffix (>= 2.0.2, < 5.0)
    almond-rails (0.3.0)
      rails (>= 4.2)
    amazing_print (1.3.0)
    arel (9.0.0)
    ast (2.4.2)
    autoprefixer-rails (10.3.1.0)
      execjs (~> 2)
    awesome_nested_set (3.4.0)
      activerecord (>= 4.0.0, < 7.0)
    aws-eventstream (1.1.1)
    aws-partitions (1.488.0)
    aws-sdk-core (3.119.0)
      aws-eventstream (~> 1, >= 1.0.2)
      aws-partitions (~> 1, >= 1.239.0)
      aws-sigv4 (~> 1.1)
      jmespath (~> 1.0)
    aws-sdk-kms (1.46.0)
      aws-sdk-core (~> 3, >= 3.119.0)
      aws-sigv4 (~> 1.1)
    aws-sdk-s3 (1.99.0)
      aws-sdk-core (~> 3, >= 3.119.0)
      aws-sdk-kms (~> 1)
      aws-sigv4 (~> 1.1)
    aws-sigv4 (1.2.4)
      aws-eventstream (~> 1, >= 1.0.2)
    babel-source (5.8.35)
    babel-transpiler (0.7.0)
      babel-source (>= 4.0, < 6)
      execjs (~> 2.0)
    bagit (0.4.4)
      docopt (~> 0.5.0)
      validatable (~> 1.6)
    bcp47 (0.3.3)
      i18n
    bixby (3.0.2)
      rubocop (= 0.85.1)
      rubocop-ast (~> 0.3.0)
      rubocop-performance
      rubocop-rails
      rubocop-rspec
    blacklight (6.20.0)
      bootstrap-sass (~> 3.2)
      deprecation
      globalid
      jbuilder (~> 2.7)
      kaminari (>= 0.15)
      nokogiri (~> 1.6)
      rails (>= 4.2, < 6)
      rsolr (>= 1.0.6, < 3)
      twitter-typeahead-rails (= 0.11.1.pre.corejavascript)
    blacklight-access_controls (0.6.2)
      blacklight (~> 6.0)
      cancancan (~> 1.8)
      deprecation (~> 1.0)
    blacklight-gallery (0.12.0)
      blacklight (~> 6.3)
      bootstrap-sass (~> 3.0)
      openseadragon (>= 0.2.0)
      rails
    bootstrap-sass (3.4.1)
      autoprefixer-rails (>= 5.2.1)
      sassc (>= 2.0.0)
    breadcrumbs_on_rails (3.0.1)
    browse-everything (1.1.2)
      addressable (~> 2.5)
      aws-sdk-s3
      dropbox_api (>= 0.1.10)
      google-api-client (~> 0.23)
      google_drive (>= 2.1, < 4)
      googleauth (>= 0.6.6, < 1.0)
      rails (>= 4.2, < 7.0)
      ruby-box
      signet (~> 0.8)
      typhoeus
    builder (3.2.4)
    byebug (11.1.3)
    cancancan (1.17.0)
    carrierwave (1.3.2)
      activemodel (>= 4.0.0)
      activesupport (>= 4.0.0)
      mime-types (>= 1.16)
      ssrf_filter (~> 1.0)
    clipboard-rails (1.7.1)
    coderay (1.1.3)
    concurrent-ruby (1.1.9)
    connection_pool (2.2.5)
    crass (1.0.6)
    database_cleaner (2.0.1)
      database_cleaner-active_record (~> 2.0.0)
    database_cleaner-active_record (2.0.1)
      activerecord (>= 5.a)
      database_cleaner-core (~> 2.0.0)
    database_cleaner-core (2.0.1)
    declarative (0.0.20)
    declarative-builder (0.1.0)
      declarative-option (< 0.2.0)
    declarative-option (0.1.0)
    deprecation (1.1.0)
      activesupport
    diff-lcs (1.4.4)
    disposable (0.4.7)
      declarative (>= 0.0.9, < 1.0.0)
      declarative-builder (< 0.2.0)
      declarative-option (< 0.2.0)
      representable (>= 2.4.0, <= 3.1.0)
      uber (< 0.2.0)
    docile (1.4.0)
    docopt (0.5.0)
    domain_name (0.5.20190701)
      unf (>= 0.0.5, < 1.0.0)
    draper (4.0.2)
      actionpack (>= 5.0)
      activemodel (>= 5.0)
      activemodel-serializers-xml (>= 1.0)
      activesupport (>= 5.0)
      request_store (>= 1.0)
      ruby2_keywords
    dropbox_api (0.1.18)
      faraday (<= 1.0)
      oauth2 (~> 1.1)
    dry-configurable (0.12.1)
      concurrent-ruby (~> 1.0)
      dry-core (~> 0.5, >= 0.5.0)
    dry-container (0.7.2)
      concurrent-ruby (~> 1.0)
      dry-configurable (~> 0.1, >= 0.1.3)
    dry-core (0.6.0)
      concurrent-ruby (~> 1.0)
    dry-equalizer (0.3.0)
    dry-events (0.2.0)
      concurrent-ruby (~> 1.0)
      dry-core (~> 0.4)
      dry-equalizer (~> 0.2)
    dry-inflector (0.2.0)
    dry-initializer (3.0.4)
    dry-logic (1.2.0)
      concurrent-ruby (~> 1.0)
      dry-core (~> 0.5, >= 0.5)
    dry-matcher (0.9.0)
      dry-core (~> 0.4, >= 0.4.8)
    dry-monads (1.3.5)
      concurrent-ruby (~> 1.0)
      dry-core (~> 0.4, >= 0.4.4)
      dry-equalizer
    dry-schema (1.6.2)
      concurrent-ruby (~> 1.0)
      dry-configurable (~> 0.8, >= 0.8.3)
      dry-core (~> 0.5, >= 0.5)
      dry-initializer (~> 3.0)
      dry-logic (~> 1.0)
      dry-types (~> 1.5)
    dry-struct (1.4.0)
      dry-core (~> 0.5, >= 0.5)
      dry-types (~> 1.5)
      ice_nine (~> 0.11)
    dry-transaction (0.13.2)
      dry-container (>= 0.2.8)
      dry-events (>= 0.1.0)
      dry-matcher (>= 0.7.0)
      dry-monads (>= 0.4.0)
    dry-types (1.5.1)
      concurrent-ruby (~> 1.0)
      dry-container (~> 0.3)
      dry-core (~> 0.5, >= 0.5)
      dry-inflector (~> 0.1, >= 0.1.2)
      dry-logic (~> 1.0, >= 1.0.2)
    dry-validation (1.6.0)
      concurrent-ruby (~> 1.0)
      dry-container (~> 0.7, >= 0.7.1)
      dry-core (~> 0.4)
      dry-equalizer (~> 0.2)
      dry-initializer (~> 3.0)
      dry-schema (~> 1.5, >= 1.5.2)
    ebnf (2.1.3)
      amazing_print (~> 1.2)
      htmlentities (~> 4.3)
      rdf (~> 3.1)
      scanf (~> 1.0)
      sxp (~> 1.1)
      unicode-types (~> 1.6)
    equivalent-xml (0.6.0)
      nokogiri (>= 1.4.3)
    erubi (1.10.0)
    ethon (0.14.0)
      ffi (>= 1.15.0)
    execjs (2.8.1)
    factory_bot (6.2.0)
      activesupport (>= 5.0.0)
    factory_bot_rails (6.2.0)
      factory_bot (~> 6.2.0)
      railties (>= 5.0.0)
    faraday (0.17.4)
      multipart-post (>= 1.2, < 3)
    faraday-encoding (0.0.5)
      faraday
    faraday_middleware (0.14.0)
      faraday (>= 0.7.4, < 1.0)
    ffi (1.15.3)
    ffi-compiler (1.0.1)
      ffi (>= 1.0.0)
      rake
    flipflop (2.6.0)
      activesupport (>= 4.0)
    flot-rails (0.0.7)
      jquery-rails
    font-awesome-rails (4.7.0.7)
      railties (>= 3.2, < 7)
    gems (1.2.0)
    geocoder (1.6.7)
    globalid (0.5.2)
      activesupport (>= 5.0)
    google-api-client (0.53.0)
      google-apis-core (~> 0.1)
      google-apis-generator (~> 0.1)
    google-apis-core (0.4.1)
      addressable (~> 2.5, >= 2.5.1)
      googleauth (>= 0.16.2, < 2.a)
      httpclient (>= 2.8.1, < 3.a)
      mini_mime (~> 1.0)
      representable (~> 3.0)
      retriable (>= 2.0, < 4.a)
      rexml
      webrick
    google-apis-discovery_v1 (0.6.0)
      google-apis-core (>= 0.4, < 2.a)
    google-apis-drive_v3 (0.13.0)
      google-apis-core (>= 0.4, < 2.a)
    google-apis-generator (0.4.0)
      activesupport (>= 5.0)
      gems (~> 1.2)
      google-apis-core (>= 0.4, < 2.a)
      google-apis-discovery_v1 (~> 0.5)
      thor (>= 0.20, < 2.a)
    google-apis-sheets_v4 (0.9.0)
      google-apis-core (>= 0.4, < 2.a)
    google_drive (3.0.7)
      google-apis-drive_v3 (>= 0.5.0, < 1.0.0)
      google-apis-sheets_v4 (>= 0.4.0, < 1.0.0)
      googleauth (>= 0.5.0, < 1.0.0)
      nokogiri (>= 1.5.3, < 2.0.0)
    googleauth (0.17.0)
      faraday (>= 0.17.3, < 2.0)
      jwt (>= 1.4, < 3.0)
      memoist (~> 0.16)
      multi_json (~> 1.11)
      os (>= 0.9, < 2.0)
      signet (~> 0.14)
    haml (5.2.2)
      temple (>= 0.8.0)
      tilt
    hamster (3.0.0)
      concurrent-ruby (~> 1.0)
    hiredis (0.6.3)
    htmlentities (4.3.4)
    http (5.0.1)
      addressable (~> 2.3)
      http-cookie (~> 1.0)
      http-form_data (~> 2.2)
      llhttp-ffi (~> 0.3.0)
    http-cookie (1.0.4)
      domain_name (~> 0.5)
    http-form_data (2.3.0)
    http_logger (0.6.0)
    httpclient (2.8.3)
    hydra-access-controls (11.0.7)
      active-fedora (>= 10.0.0)
      activesupport (>= 4, < 6)
      blacklight (>= 5.16)
      blacklight-access_controls (~> 0.6.0)
      cancancan (~> 1.8)
      deprecation (~> 1.0)
    hydra-core (11.0.7)
      hydra-access-controls (= 11.0.7)
      railties (>= 4.0.0, < 6)
    hydra-derivatives (3.6.0)
      active-fedora (>= 11.5.6, != 13.2.1, != 13.2.0, != 13.1.3, != 13.1.2, != 13.1.1, != 13.1.0, != 13.0.0, != 12.2.1, != 12.2.0, != 12.1.1, != 12.1.0, != 12.0.3, != 12.0.2, != 12.0.1, != 12.0.0)
      active_encode (~> 0.1)
      activesupport (>= 4.0, < 7)
      addressable (~> 2.5)
      deprecation
      mime-types (> 2.0, < 4.0)
      mini_magick (>= 3.2, < 5)
    hydra-editor (5.0.5)
      active-fedora (>= 9.0.0)
      activerecord (~> 5.0)
      almond-rails (~> 0.1)
      cancancan (~> 1.8)
      rails (>= 5, < 6)
      simple_form (>= 4.1.0, < 6.0)
      sprockets (~> 3.7)
      sprockets-es6
    hydra-file_characterization (1.1.2)
      activesupport (>= 3.0.0)
    hydra-head (11.0.7)
      hydra-access-controls (= 11.0.7)
      hydra-core (= 11.0.7)
      rails (>= 5.2, < 6.1)
    hydra-pcdm (1.1.0)
      active-fedora (>= 10, < 14)
      mime-types (>= 1)
    hydra-works (1.2.0)
      activesupport (>= 4.2.10, < 6.0)
      hydra-derivatives (~> 3.0)
      hydra-file_characterization (~> 1.0)
      hydra-pcdm (>= 0.9)
    hyrax (3.0.2)
      active-fedora (~> 13.1, >= 13.1.2)
      almond-rails (~> 0.1)
      awesome_nested_set (~> 3.1)
      blacklight (~> 6.14)
      blacklight-gallery (~> 0.7)
      breadcrumbs_on_rails (~> 3.0)
      browse-everything (>= 0.16, < 2.0)
      carrierwave (~> 1.0)
      clipboard-rails (~> 1.5)
      draper (~> 4.0)
      dry-equalizer (~> 0.2)
      dry-events (~> 0.2.0)
      dry-struct (~> 1.0)
      dry-transaction (~> 0.11)
      dry-validation (~> 1.3)
      flipflop (~> 2.3)
      flot-rails (~> 0.0.6)
      font-awesome-rails (~> 4.2)
      hydra-derivatives (~> 3.3)
      hydra-editor (~> 5.0, >= 5.0.4)
      hydra-head (~> 11.0, >= 11.0.1)
      hydra-works (>= 0.16, < 2.0)
      iiif_manifest (>= 0.3, < 2.0)
      jquery-datatables-rails (~> 3.4)
      jquery-ui-rails (~> 6.0)
      json-schema
      kaminari_route_prefix (~> 0.1.1)
      legato (~> 0.3)
      linkeddata
      mailboxer (~> 0.12)
      nest (~> 3.1)
      noid-rails (~> 3.0.0)
      oauth
      oauth2 (~> 1.2)
      posix-spawn
      power_converter (~> 0.1, >= 0.1.2)
      qa (~> 5.5, >= 5.5.1)
      rails (~> 5.0)
      rails_autolink (~> 1.1)
      rdf-rdfxml
      rdf-vocab (~> 3.0)
      redis-namespace (~> 1.5)
      redlock (>= 0.1.2)
      reform (~> 2.3)
      reform-rails (~> 0.2.0)
      retriable (>= 2.9, < 4.0)
      samvera-nesting_indexer (~> 2.0)
      sass-rails (~> 5.0)
      select2-rails (~> 3.5)
      signet
      tinymce-rails
      valkyrie (>= 2.1.1, < 3.0)
    i18n (1.8.10)
      concurrent-ruby (~> 1.0)
    ice_nine (0.11.2)
    iiif_manifest (1.1.0)
      activesupport (>= 4)
    iso8601 (0.9.1)
    jbuilder (2.11.2)
      activesupport (>= 5.0.0)
    jmespath (1.4.0)
    jquery-datatables-rails (3.4.0)
      actionpack (>= 3.1)
      jquery-rails
      railties (>= 3.1)
      sass-rails
    jquery-rails (4.4.0)
      rails-dom-testing (>= 1, < 3)
      railties (>= 4.2.0)
      thor (>= 0.14, < 2.0)
    jquery-ui-rails (6.0.1)
      railties (>= 3.2.16)
    json (2.5.1)
    json-canonicalization (0.2.1)
    json-ld (3.1.9)
      htmlentities (~> 4.3)
      json-canonicalization (~> 0.2)
      link_header (~> 0.0, >= 0.0.8)
      multi_json (~> 1.14)
      rack (~> 2.0)
      rdf (~> 3.1)
    json-ld-preloaded (3.1.6)
      json-ld (~> 3.1)
      rdf (~> 3.1)
    json-schema (2.8.1)
      addressable (>= 2.4)
    jwt (2.2.3)
    kaminari (1.2.1)
      activesupport (>= 4.1.0)
      kaminari-actionview (= 1.2.1)
      kaminari-activerecord (= 1.2.1)
      kaminari-core (= 1.2.1)
    kaminari-actionview (1.2.1)
      actionview
      kaminari-core (= 1.2.1)
    kaminari-activerecord (1.2.1)
      activerecord
      kaminari-core (= 1.2.1)
    kaminari-core (1.2.1)
    kaminari_route_prefix (0.1.1)
      kaminari (~> 1.0)
    language_list (1.2.1)
    ld-patch (3.1.3)
      ebnf (~> 2.1)
      rdf (~> 3.1)
      rdf-xsd (~> 3.1)
      sparql (~> 3.1)
      sxp (~> 1.1)
    ldp (1.0.3)
      deprecation
      faraday
      http_logger
      json-ld
      rdf (>= 1.1)
      rdf-isomorphic
      rdf-turtle
      rdf-vocab (>= 0.8)
      slop
    ldpath (1.1.0)
      nokogiri (~> 1.8)
      parslet
      rdf (~> 3.0)
    legato (0.7.0)
      multi_json
    libxml-ruby (3.1.0)
    link_header (0.0.8)
    linkeddata (3.1.5)
      equivalent-xml (~> 0.6)
      json-ld (~> 3.1, >= 3.1.9)
      json-ld-preloaded (~> 3.1, >= 3.1.5)
      ld-patch (~> 3.1, >= 3.1.3)
      nokogiri (~> 1.10)
      nokogumbo (~> 2.0)
      rdf (~> 3.1, >= 3.1.13)
      rdf-aggregate-repo (~> 3.1)
      rdf-isomorphic (~> 3.1, >= 3.1.1)
      rdf-json (~> 3.1)
      rdf-microdata (~> 3.1, >= 3.1.2)
      rdf-n3 (~> 3.1, >= 3.1.2)
      rdf-normalize (~> 0.4)
      rdf-ordered-repo (~> 3.1, >= 3.1.1)
      rdf-rdfa (~> 3.1, >= 3.1.3)
      rdf-rdfxml (~> 3.1, >= 3.1.1)
      rdf-reasoner (~> 0.7, >= 0.7.2)
      rdf-tabular (~> 3.1, >= 3.1.1)
      rdf-trig (~> 3.1, >= 3.1.2)
      rdf-trix (~> 3.1)
      rdf-turtle (~> 3.1, >= 3.1.3)
      rdf-vocab (~> 3.1, >= 3.1.12)
      rdf-xsd (~> 3.1)
      shacl (~> 0.1, >= 0.1.1)
      shex (~> 0.6, >= 0.6.1)
      sparql (~> 3.1, >= 3.1.5)
      sparql-client (~> 3.1, >= 3.1.2)
    llhttp-ffi (0.3.1)
      ffi-compiler (~> 1.0)
      rake (~> 13.0)
    loofah (2.12.0)
      crass (~> 1.0.2)
      nokogiri (>= 1.5.9)
    mail (2.7.1)
      mini_mime (>= 0.1.1)
    mailboxer (0.15.1)
      carrierwave (>= 0.5.8)
      rails (>= 5.0.0)
    marcel (1.0.1)
    memoist (0.16.2)
    method_source (1.0.0)
    mime-types (3.3.1)
      mime-types-data (~> 3.2015)
    mime-types-data (3.2021.0704)
    mini_magick (4.11.0)
    mini_mime (1.1.0)
    mini_portile2 (2.6.1)
    minitest (5.14.4)
    multi_json (1.15.0)
    multi_xml (0.6.0)
    multipart-post (2.1.1)
    nest (3.2.0)
      redic
    net-http-persistent (4.0.1)
      connection_pool (~> 2.2)
    nio4r (2.5.8)
    noid (0.9.0)
    noid-rails (3.0.3)
      actionpack (>= 5.0.0, < 7)
      noid (~> 0.9)
    nokogiri (1.12.5)
      mini_portile2 (~> 2.6.1)
      racc (~> 1.4)
    nokogumbo (2.0.5)
      nokogiri (~> 1.8, >= 1.8.4)
    oai (1.1.0)
      builder (>= 3.1.0)
      faraday
      faraday_middleware
    oauth (0.5.6)
    oauth2 (1.4.7)
      faraday (>= 0.8, < 2.0)
      jwt (>= 1.0, < 3.0)
      multi_json (~> 1.3)
      multi_xml (~> 0.5)
      rack (>= 1.2, < 3)
    openseadragon (0.6.0)
      rails (> 3.2.0)
    os (1.1.1)
    parallel (1.20.1)
    parser (3.0.2.0)
      ast (~> 2.4.1)
    parslet (2.0.0)
    posix-spawn (0.3.15)
    power_converter (0.1.2)
    public_suffix (4.0.6)
    qa (5.6.0)
      activerecord-import
      deprecation
      faraday
      geocoder
      ldpath
      nokogiri (~> 1.6)
      rails (>= 5.0, < 6.2)
      rdf
    racc (1.5.2)
    rack (2.2.3)
    rack-test (1.1.0)
      rack (>= 1.0, < 3)
    rails (5.2.6)
      actioncable (= 5.2.6)
      actionmailer (= 5.2.6)
      actionpack (= 5.2.6)
      actionview (= 5.2.6)
      activejob (= 5.2.6)
      activemodel (= 5.2.6)
      activerecord (= 5.2.6)
      activestorage (= 5.2.6)
      activesupport (= 5.2.6)
      bundler (>= 1.3.0)
      railties (= 5.2.6)
      sprockets-rails (>= 2.0.0)
    rails-dom-testing (2.0.3)
      activesupport (>= 4.2.0)
      nokogiri (>= 1.6)
    rails-html-sanitizer (1.3.0)
      loofah (~> 2.3)
    rails_autolink (1.1.6)
      rails (> 3.1)
    railties (5.2.6)
      actionpack (= 5.2.6)
      activesupport (= 5.2.6)
      method_source
      rake (>= 0.8.7)
      thor (>= 0.19.0, < 2.0)
    rainbow (3.0.0)
    rake (13.0.6)
    rb-fsevent (0.11.0)
    rb-inotify (0.10.1)
      ffi (~> 1.0)
    rdf (3.1.15)
      hamster (~> 3.0)
      link_header (~> 0.0, >= 0.0.8)
    rdf-aggregate-repo (3.1.0)
      rdf (~> 3.1)
    rdf-isomorphic (3.1.1)
      rdf (~> 3.1)
    rdf-json (3.1.0)
      rdf (~> 3.1)
    rdf-microdata (3.1.3)
      htmlentities (~> 4.3)
      nokogiri (~> 1.10)
      rdf (~> 3.1, >= 3.1.13)
      rdf-rdfa (~> 3.1, >= 3.1.3)
      rdf-xsd (~> 3.1)
    rdf-n3 (3.1.2)
      ebnf (~> 2.1)
      rdf (~> 3.1, >= 3.1.8)
      sparql (~> 3.1, >= 3.1.4)
      sxp (~> 1.1)
    rdf-normalize (0.4.0)
      rdf (~> 3.1)
    rdf-ordered-repo (3.1.1)
      rdf (~> 3.1)
    rdf-rdfa (3.1.3)
      haml (~> 5.2)
      htmlentities (~> 4.3)
      rdf (~> 3.1, >= 3.1.13)
      rdf-aggregate-repo (~> 3.1)
      rdf-vocab (~> 3.1, >= 3.1.11)
      rdf-xsd (~> 3.1)
    rdf-rdfxml (3.1.1)
      htmlentities (~> 4.3)
      rdf (~> 3.1)
      rdf-rdfa (~> 3.1)
      rdf-xsd (~> 3.1)
    rdf-reasoner (0.7.2)
      rdf (~> 3.1, >= 3.1.12)
      rdf-xsd (~> 3.1)
    rdf-tabular (3.1.1)
      addressable (~> 2.3)
      bcp47 (~> 0.3, >= 0.3.3)
      json-ld (~> 3.1)
      rdf (~> 3.1)
      rdf-vocab (~> 3.1)
      rdf-xsd (~> 3.1)
    rdf-trig (3.1.2)
      ebnf (~> 2.1)
      rdf (~> 3.1)
      rdf-turtle (~> 3.1)
    rdf-trix (3.1.1)
      rdf (~> 3.1)
      rdf-xsd (~> 3.1)
    rdf-turtle (3.1.3)
      ebnf (~> 2.1)
      rdf (~> 3.1, >= 3.1.8)
    rdf-vocab (3.1.14)
      rdf (~> 3.1, >= 3.1.12)
    rdf-xsd (3.1.1)
      rdf (~> 3.1)
      rexml (~> 3.2)
    redic (1.5.3)
      hiredis
    redis (4.4.0)
    redis-namespace (1.8.1)
      redis (>= 3.0.4)
    redlock (1.2.1)
      redis (>= 3.0.0, < 5.0)
    reform (2.5.0)
      disposable (>= 0.4.2, < 0.5.0)
      representable (>= 2.4.0, < 3.1.0)
      uber (< 0.2.0)
    reform-rails (0.2.2)
      activemodel (>= 5.0)
      reform (>= 2.3.1, < 3.0.0)
    regexp_parser (2.1.1)
    representable (3.0.4)
      declarative (< 0.1.0)
      declarative-option (< 0.2.0)
      uber (< 0.2.0)
    request_store (1.5.0)
      rack (>= 1.4)
    retriable (3.1.2)
    rexml (3.2.5)
    rsolr (2.3.0)
      builder (>= 2.1.2)
      faraday (>= 0.9.0)
    rspec-core (3.10.1)
      rspec-support (~> 3.10.0)
    rspec-expectations (3.10.1)
      diff-lcs (>= 1.2.0, < 2.0)
      rspec-support (~> 3.10.0)
    rspec-mocks (3.10.2)
      diff-lcs (>= 1.2.0, < 2.0)
      rspec-support (~> 3.10.0)
    rspec-rails (5.0.2)
      actionpack (>= 5.2)
      activesupport (>= 5.2)
      railties (>= 5.2)
      rspec-core (~> 3.10)
      rspec-expectations (~> 3.10)
      rspec-mocks (~> 3.10)
      rspec-support (~> 3.10)
    rspec-support (3.10.2)
    rubocop (0.85.1)
      parallel (~> 1.10)
      parser (>= 2.7.0.1)
      rainbow (>= 2.2.2, < 4.0)
      regexp_parser (>= 1.7)
      rexml
      rubocop-ast (>= 0.0.3)
      ruby-progressbar (~> 1.7)
      unicode-display_width (>= 1.4.0, < 2.0)
    rubocop-ast (0.3.0)
      parser (>= 2.7.1.4)
    rubocop-performance (1.7.1)
      rubocop (>= 0.82.0)
    rubocop-rails (2.6.0)
      activesupport (>= 4.2.0)
      rack (>= 1.1)
      rubocop (>= 0.82.0)
    rubocop-rspec (1.41.0)
      rubocop (>= 0.68.1)
    ruby-box (1.15.0)
      addressable
      json
      multipart-post
      oauth2
    ruby-progressbar (1.11.0)
    ruby2_keywords (0.0.5)
    rubyzip (2.3.2)
    samvera-nesting_indexer (2.0.0)
      dry-equalizer
    sass (3.7.4)
      sass-listen (~> 4.0.0)
    sass-listen (4.0.0)
      rb-fsevent (~> 0.9, >= 0.9.4)
      rb-inotify (~> 0.9, >= 0.9.7)
    sass-rails (5.1.0)
      railties (>= 5.2.0)
      sass (~> 3.1)
      sprockets (>= 2.8, < 4.0)
      sprockets-rails (>= 2.0, < 4.0)
      tilt (>= 1.1, < 3)
    sassc (2.4.0)
      ffi (~> 1.9)
    scanf (1.0.0)
    select2-rails (3.5.11)
    shacl (0.1.1)
      json-ld (~> 3.1, >= 3.1.7)
      rdf (~> 3.1, >= 3.1.8)
      sparql (~> 3.1)
      sxp (~> 1.1)
    shex (0.6.1)
      ebnf (~> 2.0)
      json-ld (~> 3.1)
      json-ld-preloaded (~> 3.1)
      rdf (~> 3.1)
      rdf-xsd (~> 3.1)
      sparql (~> 3.1)
      sxp (~> 1.1)
    signet (0.15.0)
      addressable (~> 2.3)
      faraday (>= 0.17.3, < 2.0)
      jwt (>= 1.5, < 3.0)
      multi_json (~> 1.10)
    simple_form (5.1.0)
      actionpack (>= 5.2)
      activemodel (>= 5.2)
    simplecov (0.21.2)
      docile (~> 1.1)
      simplecov-html (~> 0.11)
      simplecov_json_formatter (~> 0.1)
    simplecov-html (0.12.3)
    simplecov_json_formatter (0.1.3)
    slop (4.9.1)
    solr_wrapper (3.1.2)
      http
      retriable
      ruby-progressbar
      rubyzip
    sparql (3.1.7)
      builder (~> 3.2)
      ebnf (~> 2.1)
      rdf (~> 3.1, >= 3.1.14)
      rdf-aggregate-repo (~> 3.1)
      rdf-xsd (~> 3.1)
      sparql-client (~> 3.1, >= 3.1.2)
      sxp (~> 1.1)
    sparql-client (3.1.2)
      net-http-persistent (~> 4.0, >= 4.0.1)
      rdf (~> 3.1)
    sprockets (3.7.2)
      concurrent-ruby (~> 1.0)
      rack (> 1, < 3)
    sprockets-es6 (0.9.2)
      babel-source (>= 5.8.11)
      babel-transpiler
      sprockets (>= 3.0.0)
    sprockets-rails (3.2.2)
      actionpack (>= 4.0)
      activesupport (>= 4.0)
      sprockets (>= 3.0.0)
    sqlite3 (1.3.13)
    ssrf_filter (1.0.7)
    sxp (1.1.0)
      rdf (~> 3.1)
    temple (0.8.2)
    thor (1.1.0)
    thread_safe (0.3.6)
    tilt (2.0.10)
    tinymce-rails (5.8.2)
      railties (>= 3.1.1)
    twitter-typeahead-rails (0.11.1.pre.corejavascript)
      actionpack (>= 3.1)
      jquery-rails
      railties (>= 3.1)
    typhoeus (1.4.0)
      ethon (>= 0.9.0)
    tzinfo (1.2.9)
      thread_safe (~> 0.1)
    uber (0.1.0)
    unf (0.1.4)
      unf_ext
    unf_ext (0.0.7.7)
    unicode-display_width (1.7.0)
    unicode-types (1.6.0)
    validatable (1.6.7)
    valkyrie (2.2.0)
      activemodel
      activesupport
      disposable (~> 0.4.5)
      draper
      dry-struct
      dry-types (~> 1.0)
      faraday (< 1.0)
      json
      json-ld
      railties
      rdf (~> 3.0, >= 3.0.10)
      rdf-vocab
      reform (~> 2.2)
      reform-rails
    webrick (1.7.0)
    websocket-driver (0.7.5)
      websocket-extensions (>= 0.1.0)
    websocket-extensions (0.1.5)

PLATFORMS
  ruby

DEPENDENCIES
  bixby
  blacklight (~> 6.20.0)
  bootstrap-sass (~> 3.0)
  bulkrax!
  byebug
  coderay
  database_cleaner
  factory_bot_rails
  hyrax (>= 2.3)
  oai
  rsolr (>= 1.0)
  rspec-rails
  simplecov
  solr_wrapper (>= 0.3)
  sqlite3 (~> 1.3.13)
  twitter-typeahead-rails (= 0.11.1.pre.corejavascript)
  willow_sword!

BUNDLED WITH
   2.1.4
